GEM
  remote: https://rubygems.org/
  specs:
    addressable (2.8.1)
      public_suffix (>= 2.0.2, < 6.0)
    amazing_print (1.4.0)
    ast (2.4.2)
    capybara (3.38.0)
      addressable
      matrix
      mini_mime (>= 0.1.3)
      nokogiri (~> 1.8)
      rack (>= 1.6.0)
      rack-test (>= 0.6.3)
      regexp_parser (>= 1.5, < 3.0)
      xpath (~> 3.2)
    coderay (1.1.3)
    concurrent-ruby (1.2.2)
    cuprite (0.14.3)
      capybara (~> 3.0)
      ferrum (~> 0.13.0)
    debug (1.7.1)
    diff-lcs (1.5.0)
    docile (1.4.0)
    dotenv (2.8.1)
    erubi (1.12.0)
    faraday (2.7.4)
      faraday-net_http (>= 2.0, < 3.1)
      ruby2_keywords (>= 0.0.4)
    faraday-net_http (3.0.2)
    ferrum (0.13)
      addressable (~> 2.5)
      concurrent-ruby (~> 1.1)
      webrick (~> 1.7)
      websocket-driver (>= 0.6, < 0.8)
    ffi (1.15.5)
    http-2-next (0.5.1)
    httpx (0.22.4)
      http-2-next (>= 0.4.1)
    json (2.6.3)
    language_server-protocol (3.17.0.3)
    launchy (2.5.2)
      addressable (~> 2.8)
    listen (3.8.0)
      rb-fsevent (~> 0.10, >= 0.10.3)
      rb-inotify (~> 0.9, >= 0.9.10)
    matrix (0.4.2)
    method_source (1.0.0)
    mini_mime (1.1.2)
    mustermann (3.0.0)
      ruby2_keywords (~> 0.0.1)
    nio4r (2.5.8)
    nokogiri (1.14.2-x86_64-darwin)
      racc (~> 1.4)
    parallel (1.22.1)
    parser (3.2.1.1)
      ast (~> 2.4.1)
    pry (0.14.2)
      coderay (~> 1.1)
      method_source (~> 1.0)
    public_suffix (5.0.1)
    puma (6.1.1)
      nio4r (~> 2.0)
    racc (1.6.2)
    rack (2.2.6.4)
    rack-protection (3.0.5)
      rack
    rack-test (2.1.0)
      rack (>= 1.3)
    rainbow (3.1.1)
    rake (13.0.6)
    rb-fsevent (0.11.2)
    rb-inotify (0.10.1)
      ffi (~> 1.0)
    regexp_parser (2.7.0)
    rerun (0.14.0)
      listen (~> 3.0)
    rexml (3.2.5)
    rspec (3.12.0)
      rspec-core (~> 3.12.0)
      rspec-expectations (~> 3.12.0)
      rspec-mocks (~> 3.12.0)
    rspec-core (3.12.1)
      rspec-support (~> 3.12.0)
    rspec-expectations (3.12.2)
      diff-lcs (>= 1.2.0, < 2.0)
      rspec-support (~> 3.12.0)
    rspec-mocks (3.12.4)
      diff-lcs (>= 1.2.0, < 2.0)
      rspec-support (~> 3.12.0)
    rspec-support (3.12.0)
    rubocop (1.48.1)
      json (~> 2.3)
      parallel (~> 1.10)
      parser (>= 3.2.0.0)
      rainbow (>= 2.2.2, < 4.0)
      regexp_parser (>= 1.8, < 3.0)
      rexml (>= 3.2.5, < 4.0)
      rubocop-ast (>= 1.26.0, < 2.0)
      ruby-progressbar (~> 1.7)
      unicode-display_width (>= 2.4.0, < 3.0)
    rubocop-ast (1.27.0)
      parser (>= 3.2.1.0)
    rubocop-performance (1.16.0)
      rubocop (>= 1.7.0, < 2.0)
      rubocop-ast (>= 0.4.0)
    ruby-progressbar (1.13.0)
    ruby2_keywords (0.0.5)
    simplecov (0.22.0)
      docile (~> 1.1)
      simplecov-html (~> 0.11)
      simplecov_json_formatter (~> 0.1)
    simplecov-html (0.12.3)
    simplecov_json_formatter (0.1.4)
    sinatra (3.0.5)
      mustermann (~> 3.0)
      rack (~> 2.2, >= 2.2.4)
      rack-protection (= 3.0.5)
      tilt (~> 2.0)
    standard (1.25.3)
      language_server-protocol (~> 3.17.0.2)
      rubocop (~> 1.48.1)
      rubocop-performance (~> 1.16.0)
    tilt (2.1.0)
    unicode-display_width (2.4.2)
    webrick (1.8.1)
    websocket-driver (0.7.5)
      websocket-extensions (>= 0.1.0)
    websocket-extensions (0.1.5)
    xpath (3.2.0)
      nokogiri (~> 1.8)

PLATFORMS
  x86_64-darwin-22

DEPENDENCIES
  amazing_print (~> 1.4)
  capybara (~> 3.38)
  cuprite (~> 0.14)
  debug (~> 1.7)
  dotenv (~> 2.8)
  erubi
  faraday
  httpx
  launchy (~> 2.5)
  pry
  puma
  rack
  rack-test (~> 2.0)
  rake (~> 13.0)
  rerun (~> 0.14)
  rspec (~> 3)
  simplecov (~> 0.22)
  sinatra (~> 3)
  standard

BUNDLED WITH
   2.4.8
